PATH
  remote: .
  specs:
    quby (0.0.1)
      addressable
      compass-rails (= 1.0.1)
      fd-slider-rails (~> 0.5.1)
      haml
      jquery-rails (= 1.0.13)
      json
      maruku
      mongoid (~> 2.2)
      mongoid-app_settings
      rails (~> 3.1)
      ryansch-andand
      sass-rails
      susy (~> 1.0.rc)

GEM
  remote: http://rubygems.org/
  specs:
    actionmailer (3.1.6)
      actionpack (= 3.1.6)
      mail (~> 2.3.3)
    actionpack (3.1.6)
      activemodel (= 3.1.6)
      activesupport (= 3.1.6)
      builder (~> 3.0.0)
      erubis (~> 2.7.0)
      i18n (~> 0.6)
      rack (~> 1.3.6)
      rack-cache (~> 1.2)
      rack-mount (~> 0.8.2)
      rack-test (~> 0.6.1)
      sprockets (~> 2.0.4)
    activemodel (3.1.6)
      activesupport (= 3.1.6)
      builder (~> 3.0.0)
      i18n (~> 0.6)
    activerecord (3.1.6)
      activemodel (= 3.1.6)
      activesupport (= 3.1.6)
      arel (~> 2.2.3)
      tzinfo (~> 0.3.29)
    activeresource (3.1.6)
      activemodel (= 3.1.6)
      activesupport (= 3.1.6)
    activesupport (3.1.6)
      multi_json (>= 1.0, < 1.3)
    addressable (2.2.7)
    arel (2.2.3)
    bson (1.5.2)
    bson_ext (1.5.2)
      bson (= 1.5.2)
    builder (3.0.0)
    capybara (1.1.2)
      mime-types (>= 1.16)
      nokogiri (>= 1.3.3)
      rack (>= 1.0.0)
      rack-test (>= 0.5.4)
      selenium-webdriver (~> 2.0)
      xpath (~> 0.1.4)
    childprocess (0.3.3)
      ffi (~> 1.0.6)
    chunky_png (1.2.5)
    coffee-rails (3.1.1)
      coffee-script (>= 2.2.0)
      railties (~> 3.1.0)
    coffee-script (2.2.0)
      coffee-script-source
      execjs
    coffee-script-source (1.1.3)
    compass (0.12.2)
      chunky_png (~> 1.2)
      fssm (>= 0.2.7)
      sass (~> 3.1)
    compass-rails (1.0.1)
      compass (~> 0.12.0)
    database_cleaner (0.7.0)
    diff-lcs (1.1.3)
    erubis (2.7.0)
    eventmachine (0.12.10)
    execjs (1.2.12)
      multi_json (~> 1.0)
    fakefs (0.4.0)
    faye-websocket (0.4.5)
      eventmachine (>= 0.12.0)
    fd-slider-rails (0.5.1)
      rails (~> 3.1)
    ffi (1.0.11)
    fssm (0.2.9)
    fuubar (0.0.6)
      rspec (~> 2.0)
      rspec-instafail (~> 0.1.8)
      ruby-progressbar (~> 0.0.10)
    guard (0.8.8)
      thor (~> 0.14.6)
    guard-rspec (0.5.9)
      guard (>= 0.8.4)
    guard-spork (0.4.1)
      guard (>= 0.8.4)
      spork (>= 0.8.4)
    haml (3.1.6)
    hike (1.2.1)
    http_parser.rb (0.5.3)
    i18n (0.6.0)
    jquery-rails (1.0.13)
      railties (~> 3.0)
      thor (~> 0.14)
    json (1.7.3)
    libv8 (3.3.10.4)
    libwebsocket (0.1.3)
      addressable
    mail (2.3.3)
      i18n (>= 0.4.0)
      mime-types (~> 1.16)
      treetop (~> 1.4.8)
    maruku (0.6.0)
      syntax (>= 1.0.0)
    mime-types (1.19)
    mongo (1.5.2)
      bson (= 1.5.2)
    mongoid (2.4.11)
      activemodel (~> 3.1)
      mongo (<= 1.6.2)
      tzinfo (~> 0.3.22)
    mongoid-app_settings (1.0.0)
      activesupport
      mongoid
    multi_json (1.2.0)
    nokogiri (1.5.5)
    open4 (1.3.0)
    poltergeist (0.6.0)
      capybara (~> 1.0)
      childprocess (~> 0.3)
      faye-websocket (~> 0.4, >= 0.4.4)
      http_parser.rb (~> 0.5.3)
      multi_json (~> 1.0)
    polyglot (0.3.3)
    rack (1.3.6)
    rack-cache (1.2)
      rack (>= 0.4)
    rack-mount (0.8.3)
      rack (>= 1.0.0)
    rack-ssl (1.3.2)
      rack
    rack-test (0.6.1)
      rack (>= 1.0)
    rails (3.1.6)
      actionmailer (= 3.1.6)
      actionpack (= 3.1.6)
      activerecord (= 3.1.6)
      activeresource (= 3.1.6)
      activesupport (= 3.1.6)
      bundler (~> 1.0)
      railties (= 3.1.6)
    railties (3.1.6)
      actionpack (= 3.1.6)
      activesupport (= 3.1.6)
      rack-ssl (~> 1.3.2)
      rake (>= 0.8.7)
      rdoc (~> 3.4)
      thor (~> 0.14.6)
    rake (0.9.2.2)
    rdoc (3.12)
      json (~> 1.4)
    rspec (2.7.0)
      rspec-core (~> 2.7.0)
      rspec-expectations (~> 2.7.0)
      rspec-mocks (~> 2.7.0)
    rspec-core (2.7.1)
    rspec-expectations (2.7.0)
      diff-lcs (~> 1.1.2)
    rspec-instafail (0.1.9)
    rspec-mocks (2.7.0)
    rspec-rails (2.7.0)
      actionpack (~> 3.0)
      activesupport (~> 3.0)
      railties (~> 3.0)
      rspec (~> 2.7.0)
    ruby-progressbar (0.0.10)
    rubyzip (0.9.9)
    ryansch-andand (1.3.2)
    sass (3.2.0.alpha.261)
    sass-rails (3.1.6)
      actionpack (~> 3.1.0)
      railties (~> 3.1.0)
      sass (>= 3.1.10)
      tilt (~> 1.3.2)
    selenium-webdriver (2.24.0)
      childprocess (>= 0.2.5)
      libwebsocket (~> 0.1.3)
      multi_json (~> 1.0)
      rubyzip
    spork (0.8.5)
    sprockets (2.0.4)
      hike (~> 1.2)
      rack (~> 1.0)
      tilt (~> 1.1, != 1.3.0)
    susy (1.0.rc.2)
      compass (>= 0.12.2)
      sass (>= 3.2.0.alpha.247)
    syntax (1.0.0)
    therubyracer (0.9.9)
      libv8 (~> 3.3.10)
    thor (0.14.6)
    tilt (1.3.3)
    timecop (0.3.5)
    treetop (1.4.10)
      polyglot
      polyglot (>= 0.3.1)
    tzinfo (0.3.33)
    uglifier (1.1.0)
      execjs (>= 0.3.0)
      multi_json (>= 1.0.2)
    wirble (0.1.3)
    xpath (0.1.4)
      nokogiri (~> 1.3)

PLATFORMS
  ruby

DEPENDENCIES
  bson_ext (~> 1.5.2)
  capybara
  coffee-rails (~> 3.1.0)
  compass
  database_cleaner
  fakefs
  fuubar
  guard-rspec
  guard-spork
  jquery-rails
  open4
  poltergeist
  quby!
  rspec-rails
  spork
  therubyracer
  timecop
  uglifier
  wirble
